GEM
  remote: http://rubygems.org/
  specs:
    activemodel (6.0.3.5)
      activesupport (= 6.0.3.5)
    activerecord (6.0.3.5)
      activemodel (= 6.0.3.5)
      activesupport (= 6.0.3.5)
    activesupport (6.0.3.5)
      concurrent-ruby (~> 1.0, >= 1.0.2)
      i18n (>= 0.7, < 2)
      minitest (~> 5.1)
      tzinfo (~> 1.1)
      zeitwerk (~> 2.2, >= 2.2.2)
    concurrent-ruby (1.1.7)
    daemons (1.3.1)
    eventmachine (1.2.7)
    i18n (1.8.9)
      concurrent-ruby (~> 1.0)
    minitest (5.14.4)
    multi_json (1.15.0)
    mustermann (1.1.1)
      ruby2_keywords (~> 0.0.1)
    pg (1.2.3)
    rack (2.2.3)
    rack-protection (2.1.0)
      rack
    rouge (3.23.0)
    ruby2_keywords (0.0.2)
    sinatra (2.1.0)
      mustermann (~> 1.0)
      rack (~> 2.2)
      rack-protection (= 2.1.0)
      tilt (~> 2.0)
    sinatra-activerecord (2.0.18)
      activerecord (>= 4.1)
      sinatra (>= 1.0)
    sinatra-contrib (2.1.0)
      multi_json
      mustermann (~> 1.0)
      rack-protection (= 2.1.0)
      sinatra (= 2.1.0)
      tilt (~> 2.0)
    thin (1.7.2)
      daemons (~> 1.0, >= 1.0.9)
      eventmachine (~> 1.0, >= 1.0.4)
      rack (>= 1, < 3)
    thread_safe (0.3.6)
    tilt (2.0.10)
    tzinfo (1.2.9)
      thread_safe (~> 0.1)
    zeitwerk (2.4.2)

PLATFORMS
  ruby

DEPENDENCIES
  activerecord (~> 6.0.3.5)
  bundler (= 2.1.4)
  concurrent-ruby (= 1.1.7)
  pg
  rouge
  sinatra
  sinatra-activerecord
  sinatra-contrib
  thin

RUBY VERSION
   ruby 2.7.1p83

BUNDLED WITH
   2.1.4
